GEM
  remote: https://rubygems.org/
  specs:
    adsf (1.2.0)
      rack (>= 1.0.0)
    colored (1.2)
    cri (2.6.1)
      colored (~> 1.2)
    kramdown (1.4.1)
    mini_portile (0.6.0)
    nanoc (3.7.2)
      cri (~> 2.3)
    nokogiri (1.6.3.1)
      mini_portile (= 0.6.0)
    rack (1.5.2)
    rouge (1.6.2)

PLATFORMS
  ruby

DEPENDENCIES
  adsf
  kramdown (~> 1.4)
  nanoc (~> 3.7)
  nokogiri (~> 1.6.0)
  rouge (~> 1.4)
